GIT
  remote: https://github.com/capistrano/rbenv.git
  revision: 5e5d655e9b4820adebefb58f760e8d889ed49449
  specs:
    capistrano-rbenv (2.1.6)
      capistrano (~> 3.1)
      sshkit (~> 1.3)

GEM
  remote: https://rubygems.org/
  specs:
    actioncable (5.2.4.2)
      actionpack (= 5.2.4.2)
      nio4r (~> 2.0)
      websocket-driver (>= 0.6.1)
    actionmailer (5.2.4.2)
      actionpack (= 5.2.4.2)
      actionview (= 5.2.4.2)
      activejob (= 5.2.4.2)
      mail (~> 2.5, >= 2.5.4)
      rails-dom-testing (~> 2.0)
    actionpack (5.2.4.2)
      actionview (= 5.2.4.2)
      activesupport (= 5.2.4.2)
      rack (~> 2.0, >= 2.0.8)
      rack-test (>= 0.6.3)
      rails-dom-testing (~> 2.0)
      rails-html-sanitizer (~> 1.0, >= 1.0.2)
    actionview (5.2.4.2)
      activesupport (= 5.2.4.2)
      builder (~> 3.1)
      erubi (~> 1.4)
      rails-dom-testing (~> 2.0)
      rails-html-sanitizer (~> 1.0, >= 1.0.3)
    activejob (5.2.4.2)
      activesupport (= 5.2.4.2)
      globalid (>= 0.3.6)
    activemodel (5.2.4.2)
      activesupport (= 5.2.4.2)
    activemodel-serializers-xml (1.0.2)
      activemodel (> 5.x)
      activesupport (> 5.x)
      builder (~> 3.1)
    activerecord (5.2.4.2)
      activemodel (= 5.2.4.2)
      activesupport (= 5.2.4.2)
      arel (>= 9.0)
    activestorage (5.2.4.2)
      actionpack (= 5.2.4.2)
      activerecord (= 5.2.4.2)
      marcel (~> 0.3.1)
    activesupport (5.2.4.2)
      concurrent-ruby (~> 1.0, >= 1.0.2)
      i18n (>= 0.7, < 2)
      minitest (~> 5.1)
      tzinfo (~> 1.1)
    acts_as_list (0.9.19)
      activerecord (>= 3.0)
    airbrussh (1.4.0)
      sshkit (>= 1.6.1, != 1.7.0)
    arel (9.0.0)
    bcrypt (3.1.13)
    bcrypt-ruby (3.1.5)
      bcrypt (>= 3.1.3)
    builder (3.2.4)
    cancancan (3.1.0)
    capistrano (3.12.1)
      airbrussh (>= 1.0.0)
      i18n
      rake (>= 10.0.0)
      sshkit (>= 1.9.0)
    capistrano-bundler (1.6.0)
      capistrano (~> 3.1)
    capistrano-rails (1.4.0)
      capistrano (~> 3.1)
      capistrano-bundler (~> 1.1)
    coderay (1.1.2)
    coffee-rails (5.0.0)
      coffee-script (>= 2.2.0)
      railties (>= 5.2.0)
    coffee-script (2.4.1)
      coffee-script-source
      execjs
    coffee-script-source (1.12.2)
    concurrent-ruby (1.1.6)
    crass (1.0.6)
    draper (4.0.1)
      actionpack (>= 5.0)
      activemodel (>= 5.0)
      activemodel-serializers-xml (>= 1.0)
      activesupport (>= 5.0)
      request_store (>= 1.0)
    erubi (1.9.0)
    execjs (2.7.0)
    exiftool (1.2.1)
      json
    faraday (1.0.1)
      multipart-post (>= 1.2, < 3)
    ffi (1.12.2)
    globalid (0.4.2)
      activesupport (>= 4.2.0)
    hashie (4.1.0)
    i18n (1.8.2)
      concurrent-ruby (~> 1.0)
    imagesLoaded_rails (4.1.0)
      railties (>= 3.1)
    jbuilder (2.10.0)
      activesupport (>= 5.0.0)
    jcrop-rails-v2 (0.9.12.3)
    jquery-rails (4.3.5)
      rails-dom-testing (>= 1, < 3)
      railties (>= 4.2.0)
      thor (>= 0.14, < 2.0)
    jquery-turbolinks (2.1.0)
      railties (>= 3.1.0)
      turbolinks
    jquery-ui-rails (6.0.1)
      railties (>= 3.2.16)
    json (2.3.0)
    jwt (2.2.1)
    loofah (2.4.0)
      crass (~> 1.0.2)
      nokogiri (>= 1.5.9)
    mail (2.7.1)
      mini_mime (>= 0.1.1)
    marcel (0.3.3)
      mimemagic (~> 0.3.2)
    method_source (1.0.0)
    mime-types (3.3.1)
      mime-types-data (~> 3.2015)
    mime-types-data (3.2019.1009)
    mimemagic (0.3.4)
    mini_mime (1.0.2)
    mini_portile2 (2.4.0)
    minitest (5.14.0)
    multi_json (1.14.1)
    multi_xml (0.6.0)
    multipart-post (2.1.1)
    mysql2 (0.5.3)
    net-scp (2.0.0)
      net-ssh (>= 2.6.5, < 6.0.0)
    net-ssh (5.2.0)
    nio4r (2.5.2)
    nokogiri (1.10.9)
      mini_portile2 (~> 2.4.0)
    oauth2 (1.4.4)
      faraday (>= 0.8, < 2.0)
      jwt (>= 1.0, < 3.0)
      multi_json (~> 1.3)
      multi_xml (~> 0.5)
      rack (>= 1.2, < 3)
    omniauth (1.9.1)
      hashie (>= 3.4.6)
      rack (>= 1.6.2, < 3)
    omniauth-facebook (6.0.0)
      omniauth-oauth2 (~> 1.2)
    omniauth-identity (1.1.1)
      bcrypt-ruby (~> 3.0)
      omniauth (~> 1.0)
    omniauth-oauth2 (1.6.0)
      oauth2 (~> 1.1)
      omniauth (~> 1.9)
    paper_trail (10.3.1)
      activerecord (>= 4.2)
      request_store (~> 1.1)
    pry (0.13.0)
      coderay (~> 1.1)
      method_source (~> 1.0)
    pry-doc (1.1.0)
      pry (~> 0.11)
      yard (~> 0.9.11)
    puma (4.3.5)
      nio4r (~> 2.0)
    rack (2.2.2)
    rack-test (1.1.0)
      rack (>= 1.0, < 3)
    rails (5.2.4.2)
      actioncable (= 5.2.4.2)
      actionmailer (= 5.2.4.2)
      actionpack (= 5.2.4.2)
      actionview (= 5.2.4.2)
      activejob (= 5.2.4.2)
      activemodel (= 5.2.4.2)
      activerecord (= 5.2.4.2)
      activestorage (= 5.2.4.2)
      activesupport (= 5.2.4.2)
      bundler (>= 1.3.0)
      railties (= 5.2.4.2)
      sprockets-rails (>= 2.0.0)
    rails-dom-testing (2.0.3)
      activesupport (>= 4.2.0)
      nokogiri (>= 1.6)
    rails-html-sanitizer (1.3.0)
      loofah (~> 2.3)
    railties (5.2.4.2)
      actionpack (= 5.2.4.2)
      activesupport (= 5.2.4.2)
      method_source
      rake (>= 0.8.7)
      thor (>= 0.19.0, < 2.0)
    rake (13.0.1)
    rdoc (6.2.1)
    request_store (1.5.0)
      rack (>= 1.4)
    rmagick (4.1.1)
    role_model (0.8.2)
    rubyzip (2.3.0)
    sass-rails (6.0.0)
      sassc-rails (~> 2.1, >= 2.1.1)
    sassc (2.2.1)
      ffi (~> 1.9)
    sassc-rails (2.1.2)
      railties (>= 4.0.0)
      sassc (>= 2.0)
      sprockets (> 3.0)
      sprockets-rails
      tilt
    sdoc (1.1.0)
      rdoc (>= 5.0)
    spawnling (2.1.6)
    sprockets (3.7.2)
      concurrent-ruby (~> 1.0)
      rack (> 1, < 3)
    sprockets-rails (3.2.1)
      actionpack (>= 4.0)
      activesupport (>= 4.0)
      sprockets (>= 3.0.0)
    sqlite3 (1.4.2)
    sshkit (1.21.0)
      net-scp (>= 1.1.2)
      net-ssh (>= 2.8.0)
    thor (1.0.1)
    thread_safe (0.3.6)
    tilt (2.0.10)
    turbolinks (5.2.1)
      turbolinks-source (~> 5.2)
    turbolinks-source (5.2.0)
    tzinfo (1.2.7)
      thread_safe (~> 0.1)
    uglifier (4.2.0)
      execjs (>= 0.3.0, < 3)
    websocket-driver (0.7.1)
      websocket-extensions (>= 0.1.0)
    websocket-extensions (0.1.4)
    yaml_db (0.7.0)
      rails (>= 3.0)
      rake (>= 0.8.7)
    yard (0.9.24)

PLATFORMS
  ruby

DEPENDENCIES
  acts_as_list
  bcrypt
  cancancan
  capistrano-rails
  capistrano-rbenv!
  coffee-rails
  draper
  exiftool
  imagesLoaded_rails
  jbuilder
  jcrop-rails-v2
  jquery-rails
  jquery-turbolinks
  jquery-ui-rails
  mime-types
  mysql2
  nokogiri
  omniauth
  omniauth-facebook
  omniauth-identity
  paper_trail
  pry
  pry-doc
  puma
  rails
  rmagick
  role_model
  rubyzip (>= 1.0.0)
  sass-rails
  sdoc
  spawnling
  sqlite3
  turbolinks
  uglifier (>= 1.3.0)
  yaml_db

BUNDLED WITH
   2.1.4
